GEM
  remote: http://rubygems.org/
  specs:
    albino (1.3.3)
      posix-spawn (>= 0.3.6)
    nokogiri (1.5.6)
    pdfkit (0.5.2)
    posix-spawn (0.3.6)
    redcarpet (1.17.2)

PLATFORMS
  ruby

DEPENDENCIES
  albino (~> 1.3.3)
  nokogiri (~> 1.5.0)
  pdfkit (~> 0.5.2)
  redcarpet (= 1.17.2)
